GEM
  remote: https://rubygems.org/
  specs:
    bigdecimal (3.2.2)
    csv (3.3.5)
    httparty (0.23.1)
      csv
      mini_mime (>= 1.0.0)
      multi_xml (>= 0.5.2)
    mini_mime (1.1.5)
    multi_xml (0.7.2)
      bigdecimal (~> 3.1)
    rake (13.3.0)
    shellwords (0.2.2)

PLATFORMS
  arm64-darwin-24
  ruby

DEPENDENCIES
  httparty
  rake
  shellwords

BUNDLED WITH
   2.6.9
